PATH
  remote: .
  specs:
    unity-configuration-container (1.0.0)

GEM
  remote: https://rubygems.org/
  specs:
    rake (13.0.6)

PLATFORMS
  x86_64-darwin-20

DEPENDENCIES
  rake (~> 13.0)
  unity-configuration-container!

BUNDLED WITH
   2.2.30
